GEM
  remote: https://rubygems.org/
  specs:
    mini_portile2 (2.1.0)
    nokogiri (1.6.8)
      mini_portile2 (~> 2.1.0)
      pkg-config (~> 1.1.7)
    pkg-config (1.1.7)
    redis (3.3.1)
    rubyzip (1.2.0)

PLATFORMS
  ruby

DEPENDENCIES
  nokogiri
  redis
  rubyzip

BUNDLED WITH
   1.13.0.rc.1
